{
    "TaskName": "pressing",
    "TaskDescription": "The monkey pressed one of two target buttons after receiving a start command, freely choosing between the left or right button while maintaining initial stillness on a central home button.",
    "Instructions": "n/a",
    "SamplingFrequency": 1000.0,
    "PowerLineFrequency": 60,
    "HardwareFilters": {
        "HighpassFilter": {
            "CutoffFrequency": 2
        },
        "LowpassFilter": {
            "CutoffFrequency": 325
        }
    },
    "SoftwareFilters": "n/a",
    "Manufacturer": "CorTec GmbH",
    "ManufacturersModelName": "Brain Interchange ONE",
    "InstitutionName": "Osaka University Graduate School of Medicine",
    "InstitutionalDepartmentName": "n/a",
    "InstitutionAddress": "n/a",
    "DeviceSerialNumber": "n/a",
    "iEEGElectrodeGroups": "n/a",
    "SubjectArtefactDescription": "n/a",
    "ECOGChannelCount": 32,
    "SEEGChannelCount": 0,
    "EEGChannelCount": 0,
    "EOGChannelCount": 0,
    "ECGChannelCount": 0,
    "EMGChannelCount": 0,
    "TriggerChannelCount": 16,
    "MiscChannelCount": 1,
    "RecordingDuration": 730.304,
    "RecordingType": "continuous",
    "SoftwareVersions": "n/a",
    "iEEGPlacementScheme": "",
    "iEEGReference": "The electrode arrays [CH11, CH27] were positioned into subdural space over the sensorimotor cortex on both hemispheres.",
    "ElectrodeManufacturer": "CorTec GmbH",
    "ElectrodeManufacturersModelName": "Brain Interchange ONE",
    "iEEGGround": "Upper back",
    "ElectricalStimulation": false,
    "ElectricalStimulationParameters": "n/a",
    "CogAtlasID": "n/a",
    "CogPOID": "n/a"
}